PATH
  remote: .
  specs:
    skyfall (0.1.0)
      base32 (>= 0.3.4)
      cbor (>= 0.5.9.6)

GEM
  remote: https://rubygems.org/
  specs:
    base32 (0.3.4)
    cbor (0.5.9.6)
    diff-lcs (1.5.0)
    rake (13.0.6)
    rspec (3.12.0)
      rspec-core (~> 3.12.0)
      rspec-expectations (~> 3.12.0)
      rspec-mocks (~> 3.12.0)
    rspec-core (3.12.2)
      rspec-support (~> 3.12.0)
    rspec-expectations (3.12.3)
      diff-lcs (>= 1.2.0, < 2.0)
      rspec-support (~> 3.12.0)
    rspec-mocks (3.12.5)
      diff-lcs (>= 1.2.0, < 2.0)
      rspec-support (~> 3.12.0)
    rspec-support (3.12.0)

PLATFORMS
  arm64-darwin-21

DEPENDENCIES
  rake (~> 13.0)
  rspec (~> 3.0)
  skyfall!

BUNDLED WITH
   2.4.13
